GEM
  remote: http://rubygems.org/
  remote: http://gems.github.com/
  specs:
    eventmachine (0.12.10)
    rspec (1.3.2)

PLATFORMS
  ruby

DEPENDENCIES
  eventmachine
  rspec (~> 1.3.2)
